GEM
  remote: http://rubygems.org/
  specs:
    adsf (1.4.2)
      rack (>= 1.0.0, < 3.0.0)
    builder (3.2.3)
    coderay (1.1.2)
    cri (2.15.9)
    fssm (0.2.10)
    kramdown (2.3.1)
      rexml
    mime-types (1.25.1)
    mini_portile2 (2.8.0)
    multi_json (1.14.1)
    nanoc (3.7.5)
      cri (~> 2.3)
    nokogiri (1.13.6)
      mini_portile2 (~> 2.8.0)
      racc (~> 1.4)
    pygments.rb (1.2.1)
      multi_json (>= 1.0.0)
    racc (1.6.0)
    rack (2.2.3.1)
    rake (12.3.3)
    rexml (3.2.5)
    yajl-ruby (1.4.3)

PLATFORMS
  ruby

DEPENDENCIES
  adsf
  builder
  coderay
  fssm
  kramdown (~> 2.3.1)
  mime-types (~> 1.16)
  nanoc (~> 3.7.3)
  nokogiri
  pygments.rb
  rake (~> 12.3.3)
  yajl-ruby

BUNDLED WITH
   1.16.2
