GEM
  remote: http://rubygems.org/
  specs:
    adsf (1.2.0)
      rack (>= 1.0.0)
    blankslate (3.1.3)
    builder (3.2.2)
    coderay (1.1.0)
    colored (1.2)
    cri (2.6.1)
      colored (~> 1.2)
    ffi (1.0.11)
    fssm (0.2.10)
    kramdown (0.13.8)
    mime-types (1.25.1)
    nanoc (3.7.3)
      cri (~> 2.3)
    nokogiri (1.4.7)
    pygments.rb (0.2.13)
      rubypython (~> 0.5.3)
    rack (1.5.2)
    rake (0.9.6)
    rubypython (0.5.3)
      blankslate (>= 2.1.2.3)
      ffi (~> 1.0.7)
    yajl-ruby (0.8.3)

PLATFORMS
  ruby

DEPENDENCIES
  adsf
  builder
  coderay
  fssm
  kramdown (~> 0.13.2)
  mime-types (~> 1.16)
  nanoc (~> 3.7.3)
  nokogiri (~> 1.4.4)
  pygments.rb
  rake (~> 0.9.2)
  yajl-ruby (~> 0.8.2)
