GEM
  remote: http://rubygems.org/
  specs:
    adsf (1.4.2)
      rack (>= 1.0.0, < 3.0.0)
    builder (3.2.3)
    coderay (1.1.2)
    cri (2.15.9)
    fssm (0.2.10)
    kramdown (0.13.8)
    mime-types (1.25.1)
    mini_portile2 (2.4.0)
    multi_json (1.14.1)
    nanoc (3.7.5)
      cri (~> 2.3)
    nokogiri (1.10.4)
      mini_portile2 (~> 2.4.0)
    pygments.rb (1.2.1)
      multi_json (>= 1.0.0)
    rack (2.0.8)
    rake (0.9.6)
    yajl-ruby (1.4.1)

PLATFORMS
  ruby

DEPENDENCIES
  adsf
  builder
  coderay
  fssm
  kramdown (~> 0.13.2)
  mime-types (~> 1.16)
  nanoc (~> 3.7.3)
  nokogiri
  pygments.rb
  rake (~> 0.9.2)
  yajl-ruby

BUNDLED WITH
   1.16.2
